PATH
  remote: ../stream-ruby
  specs:
    realself-stream (1.0.2)
      bunny
      httparty
      json-schema
      multi_json

GEM
  remote: https://rubygems.org/
  specs:
    activesupport (4.2.1)
      i18n (~> 0.7)
      json (~> 1.7, >= 1.7.7)
      minitest (~> 5.1)
      thread_safe (~> 0.3, >= 0.3.4)
      tzinfo (~> 1.1)
    addressable (2.3.8)
    amq-protocol (1.9.2)
    bunny (1.7.0)
      amq-protocol (>= 1.9.2)
    byebug (4.0.5)
      columnize (= 0.9.0)
    coderay (1.1.0)
    columnize (0.9.0)
    foreman (0.78.0)
      thor (~> 0.19.1)
    httparty (0.13.5)
      json (~> 1.8)
      multi_xml (>= 0.5.2)
    i18n (0.7.0)
    json (1.8.2)
    json-schema (2.5.1)
      addressable (~> 2.3.7)
    method_source (0.8.2)
    minitest (5.6.1)
    multi_json (1.11.0)
    multi_xml (0.5.5)
    newrelic_rpm (3.12.0.288)
    pry (0.10.1)
      coderay (~> 1.1.0)
      method_source (~> 0.8.1)
      slop (~> 3.4)
    pry-byebug (3.1.0)
      byebug (~> 4.0)
      pry (~> 0.10)
    rake (10.4.2)
    serverengine (1.5.10)
      sigdump (~> 0.2.2)
    sigdump (0.2.2)
    slop (3.6.0)
    sneakers (1.0.4)
      bunny (~> 1.7.0)
      serverengine (~> 1.5.5)
      thor
      thread (~> 0.1.7)
    thor (0.19.1)
    thread (0.1.7)
    thread_safe (0.3.5)
    tzinfo (1.2.2)
      thread_safe (~> 0.1)

PLATFORMS
  ruby

DEPENDENCIES
  activesupport
  foreman
  newrelic_rpm
  pry-byebug
  rake
  realself-stream!
  sneakers
