GIT
  remote: ssh://git@github.com/RealSelf/stream-ruby.git
  revision: 5a318ec50c23f3acda5f19e3563527787bbc627c
  specs:
    realself-stream (2.3.4)
      bunny
      httparty
      json-schema
      multi_json
      rake (~> 10.0)

GIT
  remote: ssh://git@github.com/elastic/elasticsearch-ruby.git
  revision: 9f50ad7a479790d18faa2bdcd9edc15c0ec76601
  tag: v1.0.12
  specs:
    elasticsearch (1.0.12)
      elasticsearch-api (= 1.0.12)
      elasticsearch-transport (= 1.0.12)
    elasticsearch-api (1.0.12)
      multi_json
    elasticsearch-transport (1.0.12)
      faraday
      multi_json

GEM
  remote: https://rubygems.org/
  specs:
    activesupport (4.2.5.1)
      i18n (~> 0.7)
      json (~> 1.7, >= 1.7.7)
      minitest (~> 5.1)
      thread_safe (~> 0.3, >= 0.3.4)
      tzinfo (~> 1.1)
    addressable (2.3.8)
    amq-protocol (2.0.1)
    backports (3.6.8)
    bson (4.0.1)
    bunny (2.2.2)
      amq-protocol (>= 2.0.1)
    byebug (8.2.2)
    coderay (1.1.0)
    diff-lcs (1.2.5)
    faraday (0.9.2)
      multipart-post (>= 1.2, < 3)
    foreman (0.78.0)
      thor (~> 0.19.1)
    httparty (0.13.7)
      json (~> 1.8)
      multi_xml (>= 0.5.2)
    i18n (0.7.0)
    json (1.8.3)
    json-schema (2.6.0)
      addressable (~> 2.3.8)
    method_source (0.8.2)
    minitest (5.8.4)
    mongo (2.2.0)
      bson (~> 4.0)
    multi_json (1.11.2)
    multi_xml (0.5.5)
    multipart-post (2.0.0)
    newrelic_rpm (3.14.3.313)
    pry (0.10.3)
      coderay (~> 1.1.0)
      method_source (~> 0.8.1)
      slop (~> 3.4)
    pry-byebug (3.3.0)
      byebug (~> 8.0)
      pry (~> 0.10)
    rack (1.6.4)
    rack-protection (1.5.3)
      rack
    rack-test (0.6.3)
      rack (>= 1.0)
    rake (10.5.0)
    rspec (3.4.0)
      rspec-core (~> 3.4.0)
      rspec-expectations (~> 3.4.0)
      rspec-mocks (~> 3.4.0)
    rspec-core (3.4.2)
      rspec-support (~> 3.4.0)
    rspec-expectations (3.4.0)
      diff-lcs (>= 1.2.0, < 2.0)
      rspec-support (~> 3.4.0)
    rspec-mocks (3.4.1)
      diff-lcs (>= 1.2.0, < 2.0)
      rspec-support (~> 3.4.0)
    rspec-support (3.4.1)
    serverengine (1.5.11)
      sigdump (~> 0.2.2)
    sigdump (0.2.4)
    sinatra (1.4.7)
      rack (~> 1.5)
      rack-protection (~> 1.4)
      tilt (>= 1.3, < 3)
    sinatra-contrib (1.4.6)
      backports (>= 2.0)
      multi_json
      rack-protection
      rack-test
      sinatra (~> 1.4.0)
      tilt (>= 1.3, < 3)
    slop (3.6.0)
    sneakers (2.3.5)
      bunny (~> 2.2.0)
      serverengine (~> 1.5.11)
      thor
      thread (~> 0.1.7)
    thor (0.19.1)
    thread (0.1.7)
    thread_safe (0.3.5)
    tilt (2.0.2)
    tzinfo (1.2.2)
      thread_safe (~> 0.1)

PLATFORMS
  ruby

DEPENDENCIES
  activesupport
  elasticsearch (= 1.0.12)!
  foreman
  mongo (= 2.2.0)
  newrelic_rpm
  pry-byebug
  rake
  realself-stream!
  rspec
  sinatra
  sinatra-contrib
  sneakers
