GIT
  remote: ssh://git@github.com/RealSelf/stream-ruby.git
  revision: dfbe67664360b5073ed4b7285d81f4f1c132cb38
  specs:
    realself-stream (2.3.3)
      bunny
      httparty
      json-schema
      multi_json

GEM
  remote: https://rubygems.org/
  specs:
    activesupport (4.2.1)
      i18n (~> 0.7)
      json (~> 1.7, >= 1.7.7)
      minitest (~> 5.1)
      thread_safe (~> 0.3, >= 0.3.4)
      tzinfo (~> 1.1)
    addressable (2.3.8)
    amq-protocol (1.9.2)
    backports (3.6.7)
    bson (4.0.1)
    bunny (1.7.1)
      amq-protocol (~> 1.9.2)
    byebug (4.0.5)
      columnize (= 0.9.0)
    coderay (1.1.0)
    columnize (0.9.0)
    diff-lcs (1.2.5)
    foreman (0.78.0)
      thor (~> 0.19.1)
    httparty (0.13.7)
      json (~> 1.8)
      multi_xml (>= 0.5.2)
    i18n (0.7.0)
    json (1.8.3)
    json-schema (2.6.0)
      addressable (~> 2.3.8)
    method_source (0.8.2)
    minitest (5.6.1)
    mongo (2.2.0)
      bson (~> 4.0)
    multi_json (1.11.2)
    multi_xml (0.5.5)
    newrelic_rpm (3.12.0.288)
    pry (0.10.1)
      coderay (~> 1.1.0)
      method_source (~> 0.8.1)
      slop (~> 3.4)
    pry-byebug (3.1.0)
      byebug (~> 4.0)
      pry (~> 0.10)
    rack (1.6.4)
    rack-protection (1.5.3)
      rack
    rack-test (0.6.3)
      rack (>= 1.0)
    rake (10.4.2)
    rspec (3.4.0)
      rspec-core (~> 3.4.0)
      rspec-expectations (~> 3.4.0)
      rspec-mocks (~> 3.4.0)
    rspec-core (3.4.1)
      rspec-support (~> 3.4.0)
    rspec-expectations (3.4.0)
      diff-lcs (>= 1.2.0, < 2.0)
      rspec-support (~> 3.4.0)
    rspec-mocks (3.4.1)
      diff-lcs (>= 1.2.0, < 2.0)
      rspec-support (~> 3.4.0)
    rspec-support (3.4.1)
    serverengine (1.5.10)
      sigdump (~> 0.2.2)
    sigdump (0.2.2)
    sinatra (1.4.6)
      rack (~> 1.4)
      rack-protection (~> 1.4)
      tilt (>= 1.3, < 3)
    sinatra-contrib (1.4.6)
      backports (>= 2.0)
      multi_json
      rack-protection
      rack-test
      sinatra (~> 1.4.0)
      tilt (>= 1.3, < 3)
    slop (3.6.0)
    sneakers (1.0.4)
      bunny (~> 1.7.0)
      serverengine (~> 1.5.5)
      thor
      thread (~> 0.1.7)
    thor (0.19.1)
    thread (0.1.7)
    thread_safe (0.3.5)
    tilt (2.0.1)
    tzinfo (1.2.2)
      thread_safe (~> 0.1)

PLATFORMS
  ruby

DEPENDENCIES
  activesupport
  foreman
  mongo (= 2.2.0)
  newrelic_rpm
  pry-byebug
  rake
  realself-stream!
  rspec
  sinatra
  sinatra-contrib
  sneakers

BUNDLED WITH
   1.10.6
